GEM
  remote: https://rubygems.org/
  specs:
    dotenv (2.2.2)
    pg (1.0.0)

PLATFORMS
  ruby

DEPENDENCIES
  dotenv
  pg

BUNDLED WITH
   1.16.1
