GEM
  remote: https://rubygems.org/
  specs:
    dotenv (2.2.2)
    redis (4.0.1)

PLATFORMS
  ruby

DEPENDENCIES
  dotenv
  redis

BUNDLED WITH
   1.16.1
