GEM
  remote: https://rubygems.org/
  specs:
    amq-protocol (2.3.0)
    bunny (2.9.2)
      amq-protocol (~> 2.3.0)
    dotenv (2.2.2)

PLATFORMS
  ruby

DEPENDENCIES
  bunny
  dotenv

BUNDLED WITH
   1.16.1
